GEM
  remote: https://rubygems.org/
  specs:
    haml (5.0.3)
      temple (>= 0.8.0)
      tilt
    metaclass (0.0.4)
    mocha (1.3.0)
      metaclass (~> 0.0.1)
    mustermann (1.0.1)
    power_assert (0.2.6)
    rack (2.0.3)
    rack-protection (2.0.0)
      rack
    rack-test (0.7.0)
      rack (>= 1.0, < 3)
    rake (12.1.0)
    sinatra (2.0.0)
      mustermann (~> 1.0)
      rack (~> 2.0)
      rack-protection (= 2.0.0)
      tilt (~> 2.0)
    temple (0.8.0)
    test-unit (3.1.5)
      power_assert
    tilt (2.0.8)

PLATFORMS
  ruby

DEPENDENCIES
  haml
  mocha
  rack-test
  rake
  sinatra
  test-unit

BUNDLED WITH
   1.15.4
